GEM
  remote: https://rubygems.org/
  specs:
    macgap (0.0.8)

PLATFORMS
  ruby

DEPENDENCIES
  macgap
